GEM
  remote: https://rubygems.org/
  specs:
    thrift (0.11.0.0)

PLATFORMS
  ruby

DEPENDENCIES
  thrift (~> 0.11.0.0)

BUNDLED WITH
   1.16.1
